GIT
  remote: git://github.com/sinatra/sinatra-contrib.git
  revision: 66892d3789ba23f157b17d67570479e97d7eaa95
  specs:
    sinatra-contrib (1.4.6)
      backports (>= 2.0)
      multi_json
      rack-protection
      rack-test
      sinatra (~> 1.4.0)
      tilt (>= 1.3, < 3)

GEM
  remote: https://rubygems.org/
  specs:
    backports (3.6.7)
    daemons (1.2.3)
    eventmachine (1.0.7)
    hashids (1.0.2)
    hiredis (0.6.0)
    kafka-consumer (0.1.2)
      kazoo-ruby (~> 0.4.0)
      poseidon (~> 0.0.5)
    kazoo-ruby (0.4.0)
      thor (~> 0.19.1)
      zookeeper (~> 1.4)
    lmdb (0.4.8)
    mini_portile (0.6.2)
    moneta (0.8.0)
    multi_json (1.11.2)
    nokogiri (1.6.6.2)
      mini_portile (~> 0.6.0)
    poseidon (0.0.5)
    rack (1.6.4)
    rack-matrix_params (0.0.7)
      rack
    rack-protection (1.5.3)
      rack
    rack-test (0.6.3)
      rack (>= 1.0)
    redis (3.2.1)
    sinatra (1.4.6)
      rack (~> 1.4)
      rack-protection (~> 1.4)
      tilt (>= 1.3, < 3)
    thin (1.6.4)
      daemons (~> 1.0, >= 1.0.9)
      eventmachine (~> 1.0, >= 1.0.4)
      rack (~> 1.0)
    thor (0.19.1)
    tilt (2.0.1)
    zk (1.9.6)
      zookeeper (~> 1.4.0)
    zookeeper (1.4.11)

PLATFORMS
  ruby

DEPENDENCIES
  hashids
  hiredis (>= 0.6.0)
  kafka-consumer
  lmdb
  moneta
  nokogiri
  poseidon
  rack-matrix_params
  redis
  sinatra
  sinatra-contrib!
  thin
  zk

BUNDLED WITH
   1.10.6
